GEM
  remote: https://rubygems.org/
  specs:
    backports (3.11.4)
    json (2.1.0)
    multi_json (1.13.1)
    mustermann (1.0.2)
    net-ping (2.0.5)
    rack (2.0.8)
    rack-protection (2.0.1)
      rack
    sinatra (2.0.1)
      mustermann (~> 1.0)
      rack (~> 2.0)
      rack-protection (= 2.0.1)
      tilt (~> 2.0)
    sinatra-contrib (2.0.1)
      backports (>= 2.0)
      multi_json
      mustermann (~> 1.0)
      rack-protection (= 2.0.1)
      sinatra (= 2.0.1)
      tilt (>= 1.3, < 3)
    tilt (2.0.8)

PLATFORMS
  ruby

DEPENDENCIES
  json
  net-ping
  sinatra
  sinatra-contrib

BUNDLED WITH
   2.0.1
